GEM
  remote: http://rubygems.org/
  specs:
    RedCloth (4.2.9)
    chunky_png (1.2.8)
    compass (0.12.2)
      chunky_png (~> 1.2)
      fssm (>= 0.2.7)
      sass (~> 3.1)
    dropbox (1.3.0)
      json (>= 1.2.0)
      multipart-post (>= 1.1.0)
      oauth (>= 0.3.6)
    fssm (0.2.10)
    haml (4.0.3)
      tilt
    json (1.8.0)
    multipart-post (1.2.0)
    oauth (0.4.7)
    org-ruby (0.8.1)
      rubypants (>= 0.2.0)
    pg (0.15.1)
    rack (1.5.2)
    rack-flash3 (1.0.3)
      rack
    rack-protection (1.5.0)
      rack
    rack_csrf (2.4.0)
      rack (>= 0.9)
    rdiscount (2.1.6)
    rubypants (0.2.0)
    sass (3.2.9)
    sequel (3.48.0)
    sinatra (1.4.3)
      rack (~> 1.4)
      rack-protection (~> 1.4)
      tilt (~> 1.3, >= 1.3.4)
    sqlite3 (1.3.7)
    tilt (1.4.1)

PLATFORMS
  ruby

DEPENDENCIES
  RedCloth (= 4.2.9)
  compass
  dropbox (= 1.3.0)
  haml
  org-ruby
  pg
  rack-flash3
  rack_csrf
  rdiscount
  sequel
  sinatra
  sqlite3
