GEM
  remote: http://rubygems.org/
  specs:
    RedCloth (4.2.9)
    chunky_png (1.2.6)
    compass (0.12.2)
      chunky_png (~> 1.2)
      fssm (>= 0.2.7)
      sass (~> 3.1)
    dropbox (1.3.0)
      json (>= 1.2.0)
      multipart-post (>= 1.1.0)
      oauth (>= 0.3.6)
    fssm (0.2.9)
    haml (3.1.7)
    json (1.7.5)
    multipart-post (1.1.5)
    oauth (0.4.6)
    org-ruby (0.7.1)
      rubypants (>= 0.2.0)
    pg (0.14.0)
    rack (1.4.1)
    rack-flash (0.1.2)
      rack
    rack-protection (1.2.0)
      rack
    rack_csrf (2.4.0)
      rack (>= 0.9)
    rdiscount (1.6.8)
    rubypants (0.2.0)
    sass (3.2.1)
    sequel (3.38.0)
    sinatra (1.3.3)
      rack (~> 1.3, >= 1.3.6)
      rack-protection (~> 1.2)
      tilt (~> 1.3, >= 1.3.3)
    sqlite3 (1.3.6)
    tilt (1.3.3)

PLATFORMS
  ruby

DEPENDENCIES
  RedCloth (= 4.2.9)
  compass
  dropbox (= 1.3.0)
  haml
  org-ruby
  pg
  rack-flash
  rack_csrf
  rdiscount
  sequel
  sinatra
  sqlite3
